GEM
  remote: http://rubygems.org/
  specs:
    diff-lcs (1.1.3)
    rack (1.4.1)
    rspec (2.12.0)
      rspec-core (~> 2.12.0)
      rspec-expectations (~> 2.12.0)
      rspec-mocks (~> 2.12.0)
    rspec-core (2.12.0)
    rspec-expectations (2.12.0)
      diff-lcs (~> 1.1.3)
    rspec-mocks (2.12.0)
    sinatra (1.1.0)
      rack (~> 1.1)
      tilt (~> 1.1)
    tilt (1.3.3)

PLATFORMS
  ruby

DEPENDENCIES
  rspec
  sinatra
